GEM
  remote: http://rubygems.org/
  specs:
    byebug (9.0.6)
    clap (1.0.0)
    cuba (3.8.0)
      rack (>= 1.6.0)
    cutest (1.2.3)
      clap
    haml (5.0.1)
      temple (>= 0.8.0)
      tilt
    rack (2.0.3)
    rack-test (0.6.3)
      rack (>= 1.0)
    redis (3.3.1)
    temple (0.8.0)
    tilt (2.0.7)

PLATFORMS
  ruby

DEPENDENCIES
  byebug
  cuba
  cutest
  haml
  rack
  rack-test
  redis
  tilt

BUNDLED WITH
   1.14.6
