GEM
  remote: http://rubygems.org/
  specs:
    clap (1.0.0)
    coderay (1.1.1)
    cuba (3.8.0)
      rack (>= 1.6.0)
    cutest (1.2.3)
      clap
    haml (5.0.1)
      temple (>= 0.8.0)
      tilt
    method_source (0.8.2)
    pry (0.10.4)
      coderay (~> 1.1.0)
      method_source (~> 0.8.1)
      slop (~> 3.4)
    rack (2.0.3)
    rack-test (0.6.3)
      rack (>= 1.0)
    slop (3.6.0)
    temple (0.8.0)
    tilt (2.0.7)

PLATFORMS
  ruby

DEPENDENCIES
  cuba
  cutest
  haml
  pry
  rack
  rack-test
  tilt

BUNDLED WITH
   1.14.6
